GEM
  remote: https://rubygems.org/
  specs:
    barge (0.12.0)
      faraday (~> 0.9)
      faraday_middleware (~> 0.10)
      hashie (~> 3.4)
    faraday (0.11.0)
      multipart-post (>= 1.2, < 3)
    faraday_middleware (0.10.1)
      faraday (>= 0.7.4, < 1.0)
    hashie (3.4.6)
    middleware (0.1.0)
    multipart-post (2.0.0)
    thor (0.18.1)
    tugboat (2.2.2)
      barge (~> 0.12.0)
      middleware (~> 0.1.0)
      thor (~> 0.18.1)

PLATFORMS
  ruby

DEPENDENCIES
  tugboat

BUNDLED WITH
   1.10.5
